GEM
  remote: https://rubygems.org/
  specs:
    builder (3.2.2)
    database_cleaner (1.5.3)
    diff-lcs (1.2.5)
    fakeweb (1.3.0)
    haml (4.0.7)
      tilt
    jwt (1.5.4)
    multi_json (1.12.0)
    rack (1.6.4)
    rack-protection (1.5.3)
      rack
    rack-test (0.6.3)
      rack (>= 1.0)
    rake (11.1.2)
    rspec (3.4.0)
      rspec-core (~> 3.4.0)
      rspec-expectations (~> 3.4.0)
      rspec-mocks (~> 3.4.0)
    rspec-core (3.4.4)
      rspec-support (~> 3.4.0)
    rspec-expectations (3.4.0)
      diff-lcs (>= 1.2.0, < 2.0)
      rspec-support (~> 3.4.0)
    rspec-mocks (3.4.1)
      diff-lcs (>= 1.2.0, < 2.0)
      rspec-support (~> 3.4.0)
    rspec-support (3.4.1)
    sinatra (1.4.7)
      rack (~> 1.5)
      rack-protection (~> 1.4)
      tilt (>= 1.3, < 3)
    tilt (2.0.2)
    twilio-ruby (4.11.1)
      builder (>= 2.1.2)
      jwt (~> 1.0)
      multi_json (>= 1.3.0)
    vcr (3.0.1)

PLATFORMS
  ruby

DEPENDENCIES
  database_cleaner
  fakeweb
  haml
  rack-test
  rake
  rspec
  sinatra
  twilio-ruby
  vcr

BUNDLED WITH
   1.11.2
